GIT
  remote: git://github.com/hyone/my_docker_rake.git
  revision: 41f668e53b03ffbe5b5871dbc6e0231b4ff3ce7a
  specs:
    my_docker_rake (0.0.11)
      rake

GEM
  remote: https://rubygems.org/
  specs:
    archive-tar-minitar (0.5.2)
    diff-lcs (1.2.5)
    docker-api (1.15.0)
      archive-tar-minitar
      excon (>= 0.38.0)
      json
    excon (0.41.0)
    highline (1.6.21)
    json (1.8.1)
    net-ssh (2.9.1)
    rake (10.3.2)
    rspec (2.99.0)
      rspec-core (~> 2.99.0)
      rspec-expectations (~> 2.99.0)
      rspec-mocks (~> 2.99.0)
    rspec-core (2.99.2)
    rspec-expectations (2.99.2)
      diff-lcs (>= 1.1.3, < 2.0)
    rspec-its (1.0.1)
      rspec-core (>= 2.99.0.beta1)
      rspec-expectations (>= 2.99.0.beta1)
    rspec-mocks (2.99.2)
    serverspec (1.16.0)
      highline
      net-ssh
      rspec (~> 2.99)
      rspec-its
      specinfra (~> 1.27)
    specinfra (1.27.5)

PLATFORMS
  ruby

DEPENDENCIES
  docker-api
  my_docker_rake!
  rake
  rspec
  serverspec (~> 1.0)
