GIT
  remote: git://github.com/hyone/my_docker_rake.git
  revision: b2ab2b9d8b1e83ee2261b956591e91a9e0095ff1
  specs:
    my_docker_rake (0.0.10)
      rake

GEM
  remote: https://rubygems.org/
  specs:
    archive-tar-minitar (0.5.2)
    diff-lcs (1.2.5)
    docker-api (1.10.3)
      archive-tar-minitar
      excon (>= 0.28)
      json
    excon (0.32.1)
    highline (1.6.21)
    json (1.8.1)
    net-ssh (2.8.0)
    rake (10.1.1)
    rspec (2.14.1)
      rspec-core (~> 2.14.0)
      rspec-expectations (~> 2.14.0)
      rspec-mocks (~> 2.14.0)
    rspec-core (2.14.8)
    rspec-expectations (2.14.5)
      diff-lcs (>= 1.1.3, < 2.0)
    rspec-mocks (2.14.6)
    serverspec (0.15.5)
      highline
      net-ssh
      rspec (~> 2.13)
      specinfra (>= 0.7.1)
    specinfra (0.8.0)

PLATFORMS
  ruby

DEPENDENCIES
  docker-api
  my_docker_rake!
  rake
  rspec
  serverspec
